PATH
  remote: .
  specs:
    http2 (0.0.32)
      string-cases (~> 0)

GEM
  remote: http://rubygems.org/
  specs:
    ast (2.1.0)
    astrolabe (1.3.1)
      parser (~> 2.2)
    best_practice_project (0.0.4)
      psych (~> 2.0.0)
    codeclimate-test-reporter (0.4.7)
      simplecov (>= 0.7.1, < 1.0.0)
    datet (0.0.25)
    diff-lcs (1.2.5)
    docile (1.1.5)
    erubis (2.7.0)
    hayabusa (0.0.25)
      datet
      erubis
      http2
      knjrbfw
      mail
      ruby_process
      tpool
    json (1.8.2)
    knjrbfw (0.0.110)
      datet
      http2
      php4r
      ruby_process
      tsafe
      wref
    mail (2.6.3)
      mime-types (>= 1.16, < 3)
    mime-types (2.4.3)
    multi_json (1.11.0)
    parser (2.2.3.0)
      ast (>= 1.1, < 3.0)
    php4r (0.0.4)
      datet
      http2
      string-strtr
    powerpack (0.1.1)
    psych (2.0.15)
    rainbow (2.0.0)
    rake (10.4.2)
    rdoc (3.12.2)
      json (~> 1.4)
    rspec (3.4.0)
      rspec-core (~> 3.4.0)
      rspec-expectations (~> 3.4.0)
      rspec-mocks (~> 3.4.0)
    rspec-core (3.4.1)
      rspec-support (~> 3.4.0)
    rspec-expectations (3.4.0)
      diff-lcs (>= 1.2.0, < 2.0)
      rspec-support (~> 3.4.0)
    rspec-mocks (3.4.0)
      diff-lcs (>= 1.2.0, < 2.0)
      rspec-support (~> 3.4.0)
    rspec-support (3.4.1)
    rubocop (0.35.0)
      astrolabe (~> 1.3)
      parser (>= 2.2.3.0, < 3.0)
      powerpack (~> 0.1)
      rainbow (>= 1.99.1, < 3.0)
      ruby-progressbar (~> 1.7)
    ruby-progressbar (1.7.5)
    ruby_process (0.0.9)
      tsafe
      wref
    simplecov (0.9.2)
      docile (~> 1.1.0)
      multi_json (~> 1.0)
      simplecov-html (~> 0.9.0)
    simplecov-html (0.9.0)
    sqlite3 (1.3.10)
    string-cases (0.0.1)
    string-strtr (0.0.3)
    tpool (0.0.4)
    tsafe (0.0.11)
    wref (0.0.6)

PLATFORMS
  ruby

DEPENDENCIES
  best_practice_project (>= 0.0.4)
  bundler (>= 1.0.0)
  codeclimate-test-reporter
  hayabusa (~> 0.0.25)
  http2!
  rake
  rdoc (~> 3.12)
  rspec (~> 3.4.0)
  rubocop (~> 0.35.0)
  sqlite3

BUNDLED WITH
   1.10.6
